GEM
  remote: http://rubygems.org/
  remote: http://rubygems.org/
  remote: http://gems.github.com/
  specs:
    execjs (1.2.0)
      multi_json (~> 1.0)
    json (1.5.3)
    libv8 (3.3.10.2)
    multi_json (1.0.3)
    therubyracer (0.9.2)
      libv8 (~> 3.3.10)

PLATFORMS
  ruby

DEPENDENCIES
  execjs
  json
  therubyracer
